PATH
  remote: .
  specs:
    capybara-test (1.0.0)
      helix_runtime (~> 0.7.3)

GEM
  remote: https://rubygems.org/
  specs:
    helix_runtime (0.7.3)
      rake (>= 10.0)
      thor (>= 0.19.4, < 2.0)
      tomlrb (~> 1.2.4)
    rake (12.3.1)
    thor (0.20.0)
    tomlrb (1.2.6)

PLATFORMS
  ruby

DEPENDENCIES
  capybara-test!

BUNDLED WITH
   1.16.1
